GEM
  remote: https://rubygems.org/
  specs:
    Ascii85 (1.1.0)
    afm (0.2.2)
    hashery (2.1.2)
    nameday_vvc_pdf_extractor (0.1.3)
      pdf-reader (~> 2.1)
    pdf-reader (2.9.2)
      Ascii85 (~> 1.0)
      afm (~> 0.2.1)
      hashery (~> 2.0)
      ruby-rc4
      ttfunk
    ruby-rc4 (0.1.5)
    ttfunk (1.7.0)

PLATFORMS
  ruby

DEPENDENCIES
  nameday_vvc_pdf_extractor (~> 0.1, >= 0.1.1)

BUNDLED WITH
   2.3.7
